GEM
  remote: https://rubygems.org/
  specs:
    mini_portile2 (2.1.0)
    nokogiri (1.6.8.1)
      mini_portile2 (~> 2.1.0)
    redis (3.3.2)
    rubyzip (1.2.0)

PLATFORMS
  ruby

DEPENDENCIES
  nokogiri
  redis (~> 3.2)
  rubyzip

BUNDLED WITH
   1.13.5
